GEM
  remote: https://rubygems.org/
  specs:
    bcrypt (3.1.11)
    ruby-prof (0.16.2)

PLATFORMS
  ruby

DEPENDENCIES
  bcrypt
  ruby-prof

BUNDLED WITH
   1.13.5
